PATH
  remote: .
  specs:
    hirefire (0.1.4)
      heroku-api (~> 0.3)
      rush (~> 0.6.7)

GEM
  remote: http://rubygems.org/
  specs:
    diff-lcs (1.1.2)
    excon (0.44.4)
    fattr (2.2.0)
    heroku-api (0.3.23)
      excon (~> 0.44)
      multi_json (~> 1.8)
    infinity_test (1.0.2)
      notifiers (>= 1.1.0)
      watchr (>= 0.7)
    mocha (0.9.12)
    multi_json (1.11.0)
    notifiers (1.1.0)
    rake (0.8.7)
    rspec (2.5.0)
      rspec-core (~> 2.5.0)
      rspec-expectations (~> 2.5.0)
      rspec-mocks (~> 2.5.0)
    rspec-core (2.5.1)
    rspec-expectations (2.5.0)
      diff-lcs (~> 1.1.2)
    rspec-mocks (2.5.0)
    rush (0.6.7)
      session
    session (3.1.0)
      fattr
    timecop (0.3.5)
    watchr (0.7)

PLATFORMS
  ruby

DEPENDENCIES
  hirefire!
  infinity_test
  mocha
  rake
  rspec
  timecop
